GEM
  remote: http://rubygems.org/
  specs:
    addressable (2.2.7)
    coffee-script (2.2.0)
      coffee-script-source
      execjs
    coffee-script-source (1.2.0)
    daemons (1.1.8)
    em-websocket (0.3.6)
      addressable (>= 2.1.1)
      eventmachine (>= 0.12.9)
    eventmachine (0.12.10)
    execjs (1.3.0)
      multi_json (~> 1.0)
    haml (3.1.4)
    kramdown (0.13.5)
    mime-types (1.17.2)
    multi_json (1.1.0)
    nokogiri (1.5.0)
    rack (1.4.1)
    thin (1.3.1)
      daemons (>= 1.0.9)
      eventmachine (>= 0.12.6)
      rack (>= 1.0.0)
    trollop (1.16.2)

PLATFORMS
  ruby

DEPENDENCIES
  coffee-script
  em-websocket
  haml
  kramdown
  mime-types
  nokogiri
  thin
  trollop
